GEM
  remote: https://rubygems.org/
  specs:
    ast (2.3.0)
    codebreaker_Bavykin (0.1.4)
    diff-lcs (1.3)
    ffi (1.9.18)
    materialize-sass (0.100.2)
      sass (~> 3.3)
    parallel (1.12.1)
    parser (2.4.0.2)
      ast (~> 2.3)
    powerpack (0.1.1)
    rack (2.0.3)
    rack-test (0.8.2)
      rack (>= 1.0, < 3)
    rainbow (3.0.0)
    rb-fsevent (0.10.2)
    rb-inotify (0.9.10)
      ffi (>= 0.5.0, < 2)
    rspec (3.7.0)
      rspec-core (~> 3.7.0)
      rspec-expectations (~> 3.7.0)
      rspec-mocks (~> 3.7.0)
    rspec-core (3.7.1)
      rspec-support (~> 3.7.0)
    rspec-expectations (3.7.0)
      diff-lcs (>= 1.2.0, < 2.0)
      rspec-support (~> 3.7.0)
    rspec-mocks (3.7.0)
      diff-lcs (>= 1.2.0, < 2.0)
      rspec-support (~> 3.7.0)
    rspec-support (3.7.0)
    rubocop (0.52.1)
      parallel (~> 1.10)
      parser (>= 2.4.0.2, < 3.0)
      powerpack (~> 0.1)
      rainbow (>= 2.2.2, < 4.0)
      ruby-progressbar (~> 1.7)
      unicode-display_width (~> 1.0, >= 1.0.1)
    ruby-progressbar (1.9.0)
    sass (3.5.4)
      sass-listen (~> 4.0.0)
    sass-listen (4.0.0)
      rb-fsevent (~> 0.9, >= 0.9.4)
      rb-inotify (~> 0.9, >= 0.9.7)
    unicode-display_width (1.3.0)

PLATFORMS
  ruby

DEPENDENCIES
  bundler (~> 1.16)
  codebreaker_Bavykin (~> 0.1.4)
  materialize-sass (~> 0.100.2)
  rack (~> 2.0, >= 2.0.3)
  rack-test (~> 0.8.2)
  rspec (~> 3.7)
  rubocop (~> 0.52.1)

RUBY VERSION
   ruby 2.4.1p111

BUNDLED WITH
   1.16.0
